PATH
  remote: .
  specs:
    TOSwimScraper (0.1.1)
      bundler (~> 1.3)
      geocoder (~> 1.2)
      json (~> 1.8, >= 1.8.3)
      nokogiri (~> 1.6)
      pry (~> 0.10)

GEM
  remote: https://rubygems.org/
  specs:
    coderay (1.1.1)
    geocoder (1.3.4)
    json (1.8.3)
    method_source (0.8.2)
    mini_portile2 (2.0.0)
    nokogiri (1.6.7.2)
      mini_portile2 (~> 2.0.0.rc2)
    pry (0.10.3)
      coderay (~> 1.1.0)
      method_source (~> 0.8.1)
      slop (~> 3.4)
    slop (3.6.0)

PLATFORMS
  ruby

DEPENDENCIES
  TOSwimScraper!

BUNDLED WITH
   1.10.6
